GEM
  remote: https://rubygems.org/
  specs:
    activesupport (4.2.10)
      i18n (~> 0.7)
      minitest (~> 5.1)
      thread_safe (~> 0.3, >= 0.3.4)
      tzinfo (~> 1.1)
    betfair-ng (0.2.0)
      activesupport (> 3.0.0)
      httpi (> 2.0.2)
    byebug (10.0.2)
    concurrent-ruby (1.1.3)
    diff-lcs (1.2.5)
    factory_bot (4.11.1)
      activesupport (>= 3.0.0)
    httpi (2.4.4)
      rack
      socksify
    i18n (0.9.5)
      concurrent-ruby (~> 1.0)
    minitest (5.11.3)
    rack (1.6.11)
    rake (10.3.2)
    rspec (3.1.0)
      rspec-core (~> 3.1.0)
      rspec-expectations (~> 3.1.0)
      rspec-mocks (~> 3.1.0)
    rspec-core (3.1.7)
      rspec-support (~> 3.1.0)
    rspec-expectations (3.1.2)
      diff-lcs (>= 1.2.0, < 2.0)
      rspec-support (~> 3.1.0)
    rspec-mocks (3.1.3)
      rspec-support (~> 3.1.0)
    rspec-support (3.1.2)
    socksify (1.7.1)
    sucker_punch (2.1.1)
      concurrent-ruby (~> 1.0)
    sucker_punch-backgroundable (0.3.1)
      sucker_punch (~> 2.0)
    table_print (1.5.6)
    thor (0.20.3)
    thread_safe (0.3.6)
    tzinfo (1.2.5)
      thread_safe (~> 0.1)

PLATFORMS
  ruby

DEPENDENCIES
  activesupport
  betfair-ng
  byebug
  factory_bot
  rake
  rspec
  rspec-mocks
  sucker_punch (~> 2.0)
  sucker_punch-backgroundable
  table_print
  thor

BUNDLED WITH
   1.16.6
